GEM
  remote: http://rubygems.org/
  specs:
    daemons (1.1.9)
    ethon (0.5.6)
      ffi (~> 1.1.5)
      mime-types (~> 1.18)
    eventmachine (1.0.0)
    ffi (1.1.5)
    json (1.7.5)
    mime-types (1.19)
    rack (1.4.1)
    sinatra (1.1.0)
      rack (~> 1.1)
      tilt (~> 1.1)
    thin (1.5.0)
      daemons (>= 1.0.9)
      eventmachine (>= 0.12.6)
      rack (>= 1.0.0)
    tilt (1.3.3)
    typhoeus (0.5.3)
      ethon (~> 0.5.3)

PLATFORMS
  ruby

DEPENDENCIES
  json
  sinatra (= 1.1.0)
  thin
  typhoeus
